STORAGE: PACKAGES
RESTRICTION: || (== net472) (== netcoreapp2.2) (== netstandard2.0)
NUGET
  remote: https://api.nuget.org/v3/index.json
    ExcelDna.AddIn (0.34.6)
      ExcelDna.Integration (0.34.6)
    ExcelDna.Integration (0.34.6)
    Expecto (8.9)
      FSharp.Core (>= 4.3.4)
      Mono.Cecil (>= 0.10.3)
    Expecto.FsCheck (8.9)
      Expecto (>= 8.9)
      FsCheck (>= 2.13)
    Expecto.TestResults (8.9)
      Expecto (>= 8.9)
      FSharp.Core (>= 4.3.4)
    FsCheck (2.13)
      FSharp.Core (>= 4.2.3)
    FSharp.Core (4.6)
    Microsoft.NETCore.Platforms (2.2) - restriction: || (&& (== net472) (>= dnxcore50)) (&& (== net472) (< net35)) (== netcoreapp2.2) (== netstandard2.0)
    Microsoft.NETCore.Targets (2.1) - restriction: || (&& (== net472) (>= dnxcore50)) (&& (== net472) (< net35)) (== netcoreapp2.2) (== netstandard2.0)
    Mono.Cecil (0.10.3)
      System.Collections (>= 4.0.11) - restriction: || (&& (== net472) (< net35)) (== netcoreapp2.2) (== netstandard2.0)
      System.IO.FileSystem (>= 4.0.1) - restriction: || (&& (== net472) (< net35)) (== netcoreapp2.2) (== netstandard2.0)
      System.IO.FileSystem.Primitives (>= 4.0.1) - restriction: || (&& (== net472) (< net35)) (== netcoreapp2.2) (== netstandard2.0)
      System.Reflection (>= 4.1) - restriction: || (&& (== net472) (< net35)) (== netcoreapp2.2) (== netstandard2.0)
      System.Runtime.Extensions (>= 4.1) - restriction: || (&& (== net472) (< net35)) (== netcoreapp2.2) (== netstandard2.0)
      System.Security.Cryptography.Algorithms (>= 4.2) - restriction: || (&& (== net472) (< net35)) (== netcoreapp2.2) (== netstandard2.0)
      System.Security.Cryptography.Csp (>= 4.0) - restriction: || (&& (== net472) (< net35)) (== netcoreapp2.2) (== netstandard2.0)
      System.Threading (>= 4.0.11) - restriction: || (&& (== net472) (< net35)) (== netcoreapp2.2) (== netstandard2.0)
    runtime.debian.8-x64.runtime.native.System.Security.Cryptography.OpenSsl (4.3.3) - restriction: || (&& (== net472) (< net35)) (== netcoreapp2.2) (== netstandard2.0)
    runtime.debian.9-x64.runtime.native.System.Security.Cryptography.OpenSsl (4.3.3) - restriction: || (&& (== net472) (< net35)) (== netcoreapp2.2) (== netstandard2.0)
    runtime.fedora.23-x64.runtime.native.System.Security.Cryptography.OpenSsl (4.3.3) - restriction: || (&& (== net472) (< net35)) (== netcoreapp2.2) (== netstandard2.0)
    runtime.fedora.24-x64.runtime.native.System.Security.Cryptography.OpenSsl (4.3.3) - restriction: || (&& (== net472) (< net35)) (== netcoreapp2.2) (== netstandard2.0)
    runtime.fedora.27-x64.runtime.native.System.Security.Cryptography.OpenSsl (4.3.3) - restriction: || (&& (== net472) (< net35)) (== netcoreapp2.2) (== netstandard2.0)
    runtime.fedora.28-x64.runtime.native.System.Security.Cryptography.OpenSsl (4.3.3) - restriction: || (&& (== net472) (< net35)) (== netcoreapp2.2) (== netstandard2.0)
    runtime.native.System.Security.Cryptography.Apple (4.3.1) - restriction: || (&& (== net472) (< net35)) (== netcoreapp2.2) (== netstandard2.0)
      runtime.osx.10.10-x64.runtime.native.System.Security.Cryptography.Apple (>= 4.3.1)
    runtime.native.System.Security.Cryptography.OpenSsl (4.3.3) - restriction: || (&& (== net472) (< net35)) (== netcoreapp2.2) (== netstandard2.0)
      runtime.debian.8-x64.runtime.native.System.Security.Cryptography.OpenSsl (>= 4.3.3)
      runtime.debian.9-x64.runtime.native.System.Security.Cryptography.OpenSsl (>= 4.3.3)
      runtime.fedora.23-x64.runtime.native.System.Security.Cryptography.OpenSsl (>= 4.3.3)
      runtime.fedora.24-x64.runtime.native.System.Security.Cryptography.OpenSsl (>= 4.3.3)
      runtime.fedora.27-x64.runtime.native.System.Security.Cryptography.OpenSsl (>= 4.3.3)
      runtime.fedora.28-x64.runtime.native.System.Security.Cryptography.OpenSsl (>= 4.3.3)
      runtime.opensuse.13.2-x64.runtime.native.System.Security.Cryptography.OpenSsl (>= 4.3.3)
      runtime.opensuse.42.1-x64.runtime.native.System.Security.Cryptography.OpenSsl (>= 4.3.3)
      runtime.opensuse.42.3-x64.runtime.native.System.Security.Cryptography.OpenSsl (>= 4.3.3)
      runtime.osx.10.10-x64.runtime.native.System.Security.Cryptography.OpenSsl (>= 4.3.3)
      runtime.rhel.7-x64.runtime.native.System.Security.Cryptography.OpenSsl (>= 4.3.3)
      runtime.ubuntu.14.04-x64.runtime.native.System.Security.Cryptography.OpenSsl (>= 4.3.3)
      runtime.ubuntu.16.04-x64.runtime.native.System.Security.Cryptography.OpenSsl (>= 4.3.3)
      runtime.ubuntu.16.10-x64.runtime.native.System.Security.Cryptography.OpenSsl (>= 4.3.3)
      runtime.ubuntu.18.04-x64.runtime.native.System.Security.Cryptography.OpenSsl (>= 4.3.3)
    runtime.opensuse.13.2-x64.runtime.native.System.Security.Cryptography.OpenSsl (4.3.3) - restriction: || (&& (== net472) (< net35)) (== netcoreapp2.2) (== netstandard2.0)
    runtime.opensuse.42.1-x64.runtime.native.System.Security.Cryptography.OpenSsl (4.3.3) - restriction: || (&& (== net472) (< net35)) (== netcoreapp2.2) (== netstandard2.0)
    runtime.opensuse.42.3-x64.runtime.native.System.Security.Cryptography.OpenSsl (4.3.3) - restriction: || (&& (== net472) (< net35)) (== netcoreapp2.2) (== netstandard2.0)
    runtime.osx.10.10-x64.runtime.native.System.Security.Cryptography.Apple (4.3.1) - restriction: || (&& (== net472) (< net35)) (== netcoreapp2.2) (== netstandard2.0)
    runtime.osx.10.10-x64.runtime.native.System.Security.Cryptography.OpenSsl (4.3.3) - restriction: || (&& (== net472) (< net35)) (== netcoreapp2.2) (== netstandard2.0)
    runtime.rhel.7-x64.runtime.native.System.Security.Cryptography.OpenSsl (4.3.3) - restriction: || (&& (== net472) (< net35)) (== netcoreapp2.2) (== netstandard2.0)
    runtime.ubuntu.14.04-x64.runtime.native.System.Security.Cryptography.OpenSsl (4.3.3) - restriction: || (&& (== net472) (< net35)) (== netcoreapp2.2) (== netstandard2.0)
    runtime.ubuntu.16.04-x64.runtime.native.System.Security.Cryptography.OpenSsl (4.3.3) - restriction: || (&& (== net472) (< net35)) (== netcoreapp2.2) (== netstandard2.0)
    runtime.ubuntu.16.10-x64.runtime.native.System.Security.Cryptography.OpenSsl (4.3.3) - restriction: || (&& (== net472) (< net35)) (== netcoreapp2.2) (== netstandard2.0)
    runtime.ubuntu.18.04-x64.runtime.native.System.Security.Cryptography.OpenSsl (4.3.3) - restriction: || (&& (== net472) (< net35)) (== netcoreapp2.2) (== netstandard2.0)
    System.Collections (4.3) - restriction: || (&& (== net472) (< net35)) (== netcoreapp2.2) (== netstandard2.0)
      Microsoft.NETCore.Platforms (>= 1.1) - restriction: || (&& (== net472) (>= dnxcore50)) (&& (== net472) (< net45)) (== netcoreapp2.2) (== netstandard2.0)
      Microsoft.NETCore.Targets (>= 1.1) - restriction: || (&& (== net472) (>= dnxcore50)) (&& (== net472) (< net45)) (== netcoreapp2.2) (== netstandard2.0)
      System.Runtime (>= 4.3) - restriction: || (&& (== net472) (>= dnxcore50)) (&& (== net472) (< net45)) (== netcoreapp2.2) (== netstandard2.0)
    System.Collections.Concurrent (4.3) - restriction: || (&& (== net472) (>= dnxcore50)) (&& (== net472) (< net35)) (== netcoreapp2.2) (== netstandard2.0)
      System.Collections (>= 4.3) - restriction: || (&& (== net472) (>= dnxcore50)) (&& (== net472) (< net45)) (== netcoreapp2.2) (== netstandard2.0)
      System.Diagnostics.Debug (>= 4.3) - restriction: || (&& (== net472) (>= dnxcore50)) (&& (== net472) (< net45)) (== netcoreapp2.2) (== netstandard2.0)
      System.Diagnostics.Tracing (>= 4.3) - restriction: || (&& (== net472) (>= dnxcore50)) (&& (== net472) (< net45)) (== netcoreapp2.2) (== netstandard2.0)
      System.Globalization (>= 4.3) - restriction: || (&& (== net472) (>= dnxcore50)) (&& (== net472) (< net45)) (== netcoreapp2.2) (== netstandard2.0)
      System.Reflection (>= 4.3) - restriction: || (&& (== net472) (< net45)) (== netcoreapp2.2) (== netstandard2.0)
      System.Resources.ResourceManager (>= 4.3) - restriction: || (&& (== net472) (>= dnxcore50)) (&& (== net472) (< net45)) (== netcoreapp2.2) (== netstandard2.0)
      System.Runtime (>= 4.3) - restriction: || (&& (== net472) (>= dnxcore50)) (&& (== net472) (< net45)) (== netcoreapp2.2) (== netstandard2.0)
      System.Runtime.Extensions (>= 4.3) - restriction: || (&& (== net472) (>= dnxcore50)) (&& (== net472) (< net45)) (== netcoreapp2.2) (== netstandard2.0)
      System.Threading (>= 4.3) - restriction: || (&& (== net472) (>= dnxcore50)) (&& (== net472) (< net45)) (== netcoreapp2.2) (== netstandard2.0)
      System.Threading.Tasks (>= 4.3) - restriction: || (&& (== net472) (>= dnxcore50)) (&& (== net472) (< net45)) (== netcoreapp2.2) (== netstandard2.0)
    System.Diagnostics.Debug (4.3) - restriction: || (&& (== net472) (>= dnxcore50)) (&& (== net472) (< net35)) (== netcoreapp2.2) (== netstandard2.0)
      Microsoft.NETCore.Platforms (>= 1.1) - restriction: || (&& (== net472) (>= dnxcore50)) (&& (== net472) (< net45)) (== netcoreapp2.2) (== netstandard2.0)
      Microsoft.NETCore.Targets (>= 1.1) - restriction: || (&& (== net472) (>= dnxcore50)) (&& (== net472) (< net45)) (== netcoreapp2.2) (== netstandard2.0)
      System.Runtime (>= 4.3) - restriction: || (&& (== net472) (>= dnxcore50)) (&& (== net472) (< net45)) (== netcoreapp2.2) (== netstandard2.0)
    System.Diagnostics.Tracing (4.3) - restriction: || (&& (== net472) (>= dnxcore50)) (&& (== net472) (< net35)) (== netcoreapp2.2) (== netstandard2.0)
      Microsoft.NETCore.Platforms (>= 1.1) - restriction: || (&& (== net472) (>= dnxcore50)) (&& (== net472) (< net45)) (== netcoreapp2.2) (== netstandard2.0)
      Microsoft.NETCore.Targets (>= 1.1) - restriction: || (&& (== net472) (>= dnxcore50)) (&& (== net472) (< net45)) (== netcoreapp2.2) (== netstandard2.0)
      System.Runtime (>= 4.3) - restriction: || (&& (== net472) (>= dnxcore50)) (&& (== net472) (< net45)) (== netcoreapp2.2) (== netstandard2.0)
    System.Globalization (4.3) - restriction: || (&& (== net472) (>= dnxcore50)) (&& (== net472) (< net35)) (== netcoreapp2.2) (== netstandard2.0)
      Microsoft.NETCore.Platforms (>= 1.1) - restriction: || (&& (== net472) (>= dnxcore50)) (&& (== net472) (< net45)) (== netcoreapp2.2) (== netstandard2.0)
      Microsoft.NETCore.Targets (>= 1.1) - restriction: || (&& (== net472) (>= dnxcore50)) (&& (== net472) (< net45)) (== netcoreapp2.2) (== netstandard2.0)
      System.Runtime (>= 4.3) - restriction: || (&& (== net472) (>= dnxcore50)) (&& (== net472) (< net45)) (== netcoreapp2.2) (== netstandard2.0)
    System.IO (4.3) - restriction: || (&& (== net472) (>= dnxcore50)) (&& (== net472) (< net35)) (== netcoreapp2.2) (== netstandard2.0)
      Microsoft.NETCore.Platforms (>= 1.1) - restriction: || (&& (== net472) (>= dnxcore50)) (&& (== net472) (< net45)) (== netcoreapp2.2) (== netstandard2.0)
      Microsoft.NETCore.Targets (>= 1.1) - restriction: || (&& (== net472) (>= dnxcore50)) (&& (== net472) (< net45)) (== netcoreapp2.2) (== netstandard2.0)
      System.Runtime (>= 4.3) - restriction: || (&& (== net472) (>= dnxcore50)) (&& (== net472) (< net45)) (== netcoreapp2.2) (== netstandard2.0)
      System.Text.Encoding (>= 4.3) - restriction: || (&& (== net472) (>= dnxcore50)) (&& (== net472) (< net45)) (== netcoreapp2.2) (== netstandard2.0)
      System.Threading.Tasks (>= 4.3) - restriction: || (&& (== net472) (>= dnxcore50)) (&& (== net472) (< net45)) (== netcoreapp2.2) (== netstandard2.0)
    System.IO.FileSystem (4.3) - restriction: || (&& (== net472) (< net35)) (== netcoreapp2.2) (== netstandard2.0)
      Microsoft.NETCore.Platforms (>= 1.1) - restriction: || (&& (== net472) (< net46)) (== netcoreapp2.2) (== netstandard2.0)
      Microsoft.NETCore.Targets (>= 1.1) - restriction: || (&& (== net472) (< net46)) (== netcoreapp2.2) (== netstandard2.0)
      System.IO (>= 4.3) - restriction: || (&& (== net472) (< net46)) (== netcoreapp2.2) (== netstandard2.0)
      System.IO.FileSystem.Primitives (>= 4.3)
      System.Runtime (>= 4.3) - restriction: || (&& (== net472) (< net46)) (== netcoreapp2.2) (== netstandard2.0)
      System.Runtime.Handles (>= 4.3) - restriction: || (&& (== net472) (< net46)) (== netcoreapp2.2) (== netstandard2.0)
      System.Text.Encoding (>= 4.3) - restriction: || (&& (== net472) (< net46)) (== netcoreapp2.2) (== netstandard2.0)
      System.Threading.Tasks (>= 4.3) - restriction: || (&& (== net472) (< net46)) (== netcoreapp2.2) (== netstandard2.0)
    System.IO.FileSystem.Primitives (4.3) - restriction: || (&& (== net472) (< net35)) (== netcoreapp2.2) (== netstandard2.0)
      System.Runtime (>= 4.3) - restriction: || (&& (== net472) (< net46)) (== netcoreapp2.2) (== netstandard2.0)
    System.Linq (4.3) - restriction: || (&& (== net472) (>= dnxcore50)) (&& (== net472) (< net35)) (== netcoreapp2.2) (== netstandard2.0)
      System.Collections (>= 4.3) - restriction: || (&& (== net472) (>= dnxcore50)) (&& (== net472) (< net45)) (== netcoreapp2.2) (== netstandard2.0)
      System.Diagnostics.Debug (>= 4.3) - restriction: || (&& (== net472) (>= dnxcore50)) (&& (== net472) (< net45)) (== netcoreapp2.2) (== netstandard2.0)
      System.Resources.ResourceManager (>= 4.3) - restriction: || (&& (== net472) (>= dnxcore50)) (&& (== net472) (< net45)) (== netcoreapp2.2) (== netstandard2.0)
      System.Runtime (>= 4.3) - restriction: || (&& (== net472) (>= dnxcore50)) (&& (== net472) (< net45)) (== netcoreapp2.2) (== netstandard2.0)
      System.Runtime.Extensions (>= 4.3) - restriction: || (&& (== net472) (>= dnxcore50)) (&& (== net472) (< net45)) (== netcoreapp2.2) (== netstandard2.0)
    System.Reflection (4.3) - restriction: || (&& (== net472) (< net35)) (== netcoreapp2.2) (== netstandard2.0)
      Microsoft.NETCore.Platforms (>= 1.1) - restriction: || (&& (== net472) (>= dnxcore50)) (&& (== net472) (< net45)) (== netcoreapp2.2) (== netstandard2.0)
      Microsoft.NETCore.Targets (>= 1.1) - restriction: || (&& (== net472) (>= dnxcore50)) (&& (== net472) (< net45)) (== netcoreapp2.2) (== netstandard2.0)
      System.IO (>= 4.3) - restriction: || (&& (== net472) (>= dnxcore50)) (&& (== net472) (< net45)) (== netcoreapp2.2) (== netstandard2.0)
      System.Reflection.Primitives (>= 4.3) - restriction: || (&& (== net472) (>= dnxcore50)) (&& (== net472) (< net45)) (== netcoreapp2.2) (== netstandard2.0)
      System.Runtime (>= 4.3) - restriction: || (&& (== net472) (>= dnxcore50)) (&& (== net472) (< net45)) (== netcoreapp2.2) (== netstandard2.0)
    System.Reflection.Primitives (4.3) - restriction: || (&& (== net472) (>= dnxcore50)) (&& (== net472) (< net35)) (== netcoreapp2.2) (== netstandard2.0)
      Microsoft.NETCore.Platforms (>= 1.1) - restriction: || (&& (== net472) (>= dnxcore50)) (&& (== net472) (< net45)) (== netcoreapp2.2) (== netstandard2.0)
      Microsoft.NETCore.Targets (>= 1.1) - restriction: || (&& (== net472) (>= dnxcore50)) (&& (== net472) (< net45)) (== netcoreapp2.2) (== netstandard2.0)
      System.Runtime (>= 4.3) - restriction: || (&& (== net472) (>= dnxcore50)) (&& (== net472) (< net45)) (== netcoreapp2.2) (== netstandard2.0)
    System.Resources.ResourceManager (4.3) - restriction: || (&& (== net472) (>= dnxcore50)) (&& (== net472) (< net35)) (== netcoreapp2.2) (== netstandard2.0)
      Microsoft.NETCore.Platforms (>= 1.1) - restriction: || (&& (== net472) (>= dnxcore50)) (&& (== net472) (< net45)) (== netcoreapp2.2) (== netstandard2.0)
      Microsoft.NETCore.Targets (>= 1.1) - restriction: || (&& (== net472) (>= dnxcore50)) (&& (== net472) (< net45)) (== netcoreapp2.2) (== netstandard2.0)
      System.Globalization (>= 4.3) - restriction: || (&& (== net472) (>= dnxcore50)) (&& (== net472) (< net45)) (== netcoreapp2.2) (== netstandard2.0)
      System.Reflection (>= 4.3) - restriction: || (&& (== net472) (>= dnxcore50)) (&& (== net472) (< net45)) (== netcoreapp2.2) (== netstandard2.0)
      System.Runtime (>= 4.3) - restriction: || (&& (== net472) (>= dnxcore50)) (&& (== net472) (< net45)) (== netcoreapp2.2) (== netstandard2.0)
    System.Runtime (4.3) - restriction: || (&& (== net472) (>= dnxcore50)) (&& (== net472) (< net35)) (== netcoreapp2.2) (== netstandard2.0)
      Microsoft.NETCore.Platforms (>= 1.1) - restriction: || (&& (== net472) (>= dnxcore50)) (&& (== net472) (< net45)) (== netcoreapp2.2) (== netstandard2.0)
      Microsoft.NETCore.Targets (>= 1.1) - restriction: || (&& (== net472) (>= dnxcore50)) (&& (== net472) (< net45)) (== netcoreapp2.2) (== netstandard2.0)
    System.Runtime.Extensions (4.3) - restriction: || (&& (== net472) (>= dnxcore50)) (&& (== net472) (< net35)) (== netcoreapp2.2) (== netstandard2.0)
      Microsoft.NETCore.Platforms (>= 1.1) - restriction: || (&& (== net472) (>= dnxcore50)) (&& (== net472) (< net45)) (== netcoreapp2.2) (== netstandard2.0)
      Microsoft.NETCore.Targets (>= 1.1) - restriction: || (&& (== net472) (>= dnxcore50)) (&& (== net472) (< net45)) (== netcoreapp2.2) (== netstandard2.0)
      System.Runtime (>= 4.3) - restriction: || (&& (== net472) (>= dnxcore50)) (&& (== net472) (< net45)) (== netcoreapp2.2) (== netstandard2.0)
    System.Runtime.Handles (4.3) - restriction: || (&& (== net472) (>= dnxcore50)) (&& (== net472) (< net35)) (== netcoreapp2.2) (== netstandard2.0)
      Microsoft.NETCore.Platforms (>= 1.1) - restriction: || (&& (== net472) (< net46)) (== netcoreapp2.2) (== netstandard2.0)
      Microsoft.NETCore.Targets (>= 1.1) - restriction: || (&& (== net472) (< net46)) (== netcoreapp2.2) (== netstandard2.0)
      System.Runtime (>= 4.3) - restriction: || (&& (== net472) (< net46)) (== netcoreapp2.2) (== netstandard2.0)
    System.Runtime.InteropServices (4.3) - restriction: || (&& (== net472) (>= dnxcore50)) (&& (== net472) (< net35)) (== netcoreapp2.2) (== netstandard2.0)
      Microsoft.NETCore.Platforms (>= 1.1) - restriction: || (&& (== net472) (>= dnxcore50)) (&& (== net472) (< net45)) (&& (== net472) (>= netcoreapp1.1)) (== netcoreapp2.2) (== netstandard2.0)
      Microsoft.NETCore.Targets (>= 1.1) - restriction: || (&& (== net472) (>= dnxcore50)) (&& (== net472) (< net45)) (&& (== net472) (>= netcoreapp1.1)) (== netcoreapp2.2) (== netstandard2.0)
      System.Reflection (>= 4.3) - restriction: || (&& (== net472) (>= dnxcore50)) (&& (== net472) (< net45)) (&& (== net472) (>= netcoreapp1.1)) (== netcoreapp2.2) (== netstandard2.0)
      System.Reflection.Primitives (>= 4.3) - restriction: || (&& (== net472) (>= dnxcore50)) (&& (== net472) (< net45)) (&& (== net472) (>= netcoreapp1.1)) (== netcoreapp2.2) (== netstandard2.0)
      System.Runtime (>= 4.3)
      System.Runtime.Handles (>= 4.3) - restriction: || (&& (== net472) (>= dnxcore50)) (&& (== net472) (< net45)) (&& (== net472) (>= netcoreapp1.1)) (== netcoreapp2.2) (== netstandard2.0)
    System.Runtime.Numerics (4.3) - restriction: || (&& (== net472) (< net35)) (== netcoreapp2.2) (== netstandard2.0)
      System.Globalization (>= 4.3) - restriction: || (&& (== net472) (>= dnxcore50)) (&& (== net472) (< net45)) (== netcoreapp2.2) (== netstandard2.0)
      System.Resources.ResourceManager (>= 4.3) - restriction: || (&& (== net472) (>= dnxcore50)) (&& (== net472) (< net45)) (== netcoreapp2.2) (== netstandard2.0)
      System.Runtime (>= 4.3) - restriction: || (&& (== net472) (>= dnxcore50)) (&& (== net472) (< net45)) (== netcoreapp2.2) (== netstandard2.0)
      System.Runtime.Extensions (>= 4.3) - restriction: || (&& (== net472) (>= dnxcore50)) (&& (== net472) (< net45)) (== netcoreapp2.2) (== netstandard2.0)
    System.Security.Cryptography.Algorithms (4.3.1) - restriction: || (&& (== net472) (< net35)) (== netcoreapp2.2) (== netstandard2.0)
      Microsoft.NETCore.Platforms (>= 1.1) - restriction: || (&& (== net472) (>= dnxcore50)) (&& (== net472) (< net46)) (== netcoreapp2.2) (== netstandard2.0)
      runtime.native.System.Security.Cryptography.Apple (>= 4.3.1) - restriction: || (&& (== net472) (< net46)) (== netcoreapp2.2) (== netstandard2.0)
      runtime.native.System.Security.Cryptography.OpenSsl (>= 4.3.2) - restriction: || (&& (== net472) (< net46)) (== netcoreapp2.2) (== netstandard2.0)
      System.Collections (>= 4.3) - restriction: || (&& (== net472) (< net46)) (== netcoreapp2.2) (== netstandard2.0)
      System.IO (>= 4.3)
      System.Resources.ResourceManager (>= 4.3) - restriction: || (&& (== net472) (>= dnxcore50)) (&& (== net472) (< net46)) (== netcoreapp2.2) (== netstandard2.0)
      System.Runtime (>= 4.3)
      System.Runtime.Extensions (>= 4.3) - restriction: || (&& (== net472) (>= dnxcore50)) (&& (== net472) (< net46)) (== netcoreapp2.2) (== netstandard2.0)
      System.Runtime.Handles (>= 4.3) - restriction: || (&& (== net472) (>= dnxcore50)) (&& (== net472) (< net46)) (== netcoreapp2.2) (== netstandard2.0)
      System.Runtime.InteropServices (>= 4.3) - restriction: || (&& (== net472) (>= dnxcore50)) (&& (== net472) (< net46)) (== netcoreapp2.2) (== netstandard2.0)
      System.Runtime.Numerics (>= 4.3) - restriction: || (&& (== net472) (< net46)) (== netcoreapp2.2) (== netstandard2.0)
      System.Security.Cryptography.Encoding (>= 4.3)
      System.Security.Cryptography.Primitives (>= 4.3)
      System.Text.Encoding (>= 4.3) - restriction: || (&& (== net472) (>= dnxcore50)) (&& (== net472) (< net46)) (== netcoreapp2.2) (== netstandard2.0)
    System.Security.Cryptography.Csp (4.3) - restriction: || (&& (== net472) (< net35)) (== netcoreapp2.2) (== netstandard2.0)
      Microsoft.NETCore.Platforms (>= 1.1) - restriction: || (&& (== net472) (< net46)) (== netcoreapp2.2) (== netstandard2.0)
      System.IO (>= 4.3) - restriction: || (&& (== net472) (< net46)) (== netcoreapp2.2) (== netstandard2.0)
      System.Reflection (>= 4.3) - restriction: || (&& (== net472) (< net46)) (== netcoreapp2.2) (== netstandard2.0)
      System.Resources.ResourceManager (>= 4.3) - restriction: || (&& (== net472) (< net46)) (== netcoreapp2.2) (== netstandard2.0)
      System.Runtime (>= 4.3) - restriction: || (&& (== net472) (< net46)) (== netcoreapp2.2) (== netstandard2.0)
      System.Runtime.Extensions (>= 4.3) - restriction: || (&& (== net472) (< net46)) (== netcoreapp2.2) (== netstandard2.0)
      System.Runtime.Handles (>= 4.3) - restriction: || (&& (== net472) (< net46)) (== netcoreapp2.2) (== netstandard2.0)
      System.Runtime.InteropServices (>= 4.3) - restriction: || (&& (== net472) (< net46)) (== netcoreapp2.2) (== netstandard2.0)
      System.Security.Cryptography.Algorithms (>= 4.3)
      System.Security.Cryptography.Encoding (>= 4.3) - restriction: || (&& (== net472) (< net46)) (== netcoreapp2.2) (== netstandard2.0)
      System.Security.Cryptography.Primitives (>= 4.3)
      System.Text.Encoding (>= 4.3) - restriction: || (&& (== net472) (< net46)) (== netcoreapp2.2) (== netstandard2.0)
      System.Threading (>= 4.3) - restriction: || (&& (== net472) (< net46)) (== netcoreapp2.2) (== netstandard2.0)
    System.Security.Cryptography.Encoding (4.3) - restriction: || (&& (== net472) (>= dnxcore50)) (&& (== net472) (< net35)) (== netcoreapp2.2) (== netstandard2.0)
      Microsoft.NETCore.Platforms (>= 1.1) - restriction: || (&& (== net472) (< net46)) (== netcoreapp2.2) (== netstandard2.0)
      runtime.native.System.Security.Cryptography.OpenSsl (>= 4.3) - restriction: || (&& (== net472) (< net46)) (== netcoreapp2.2) (== netstandard2.0)
      System.Collections (>= 4.3) - restriction: || (&& (== net472) (< net46)) (== netcoreapp2.2) (== netstandard2.0)
      System.Collections.Concurrent (>= 4.3) - restriction: || (&& (== net472) (< net46)) (== netcoreapp2.2) (== netstandard2.0)
      System.Linq (>= 4.3) - restriction: || (&& (== net472) (< net46)) (== netcoreapp2.2) (== netstandard2.0)
      System.Resources.ResourceManager (>= 4.3) - restriction: || (&& (== net472) (< net46)) (== netcoreapp2.2) (== netstandard2.0)
      System.Runtime (>= 4.3) - restriction: || (&& (== net472) (< net46)) (== netcoreapp2.2) (== netstandard2.0)
      System.Runtime.Extensions (>= 4.3) - restriction: || (&& (== net472) (< net46)) (== netcoreapp2.2) (== netstandard2.0)
      System.Runtime.Handles (>= 4.3) - restriction: || (&& (== net472) (< net46)) (== netcoreapp2.2) (== netstandard2.0)
      System.Runtime.InteropServices (>= 4.3) - restriction: || (&& (== net472) (< net46)) (== netcoreapp2.2) (== netstandard2.0)
      System.Security.Cryptography.Primitives (>= 4.3) - restriction: || (&& (== net472) (< net46)) (== netcoreapp2.2) (== netstandard2.0)
      System.Text.Encoding (>= 4.3) - restriction: || (&& (== net472) (< net46)) (== netcoreapp2.2) (== netstandard2.0)
    System.Security.Cryptography.Primitives (4.3) - restriction: || (&& (== net472) (>= dnxcore50)) (&& (== net472) (< net35)) (== netcoreapp2.2) (== netstandard2.0)
      System.Diagnostics.Debug (>= 4.3) - restriction: || (&& (== net472) (< net46)) (== netcoreapp2.2) (== netstandard2.0)
      System.Globalization (>= 4.3) - restriction: || (&& (== net472) (< net46)) (== netcoreapp2.2) (== netstandard2.0)
      System.IO (>= 4.3) - restriction: || (&& (== net472) (< net46)) (== netcoreapp2.2) (== netstandard2.0)
      System.Resources.ResourceManager (>= 4.3) - restriction: || (&& (== net472) (< net46)) (== netcoreapp2.2) (== netstandard2.0)
      System.Runtime (>= 4.3) - restriction: || (&& (== net472) (< net46)) (== netcoreapp2.2) (== netstandard2.0)
      System.Threading (>= 4.3) - restriction: || (&& (== net472) (< net46)) (== netcoreapp2.2) (== netstandard2.0)
      System.Threading.Tasks (>= 4.3) - restriction: || (&& (== net472) (< net46)) (== netcoreapp2.2) (== netstandard2.0)
    System.Text.Encoding (4.3) - restriction: || (&& (== net472) (>= dnxcore50)) (&& (== net472) (< net35)) (== netcoreapp2.2) (== netstandard2.0)
      Microsoft.NETCore.Platforms (>= 1.1) - restriction: || (&& (== net472) (>= dnxcore50)) (&& (== net472) (< net45)) (== netcoreapp2.2) (== netstandard2.0)
      Microsoft.NETCore.Targets (>= 1.1) - restriction: || (&& (== net472) (>= dnxcore50)) (&& (== net472) (< net45)) (== netcoreapp2.2) (== netstandard2.0)
      System.Runtime (>= 4.3) - restriction: || (&& (== net472) (>= dnxcore50)) (&& (== net472) (< net45)) (== netcoreapp2.2) (== netstandard2.0)
    System.Threading (4.3) - restriction: || (&& (== net472) (< net35)) (== netcoreapp2.2) (== netstandard2.0)
      System.Runtime (>= 4.3) - restriction: || (&& (== net472) (>= dnxcore50)) (&& (== net472) (< net45)) (== netcoreapp2.2) (== netstandard2.0)
      System.Threading.Tasks (>= 4.3) - restriction: || (&& (== net472) (>= dnxcore50)) (&& (== net472) (< net45)) (== netcoreapp2.2) (== netstandard2.0)
    System.Threading.Tasks (4.3) - restriction: || (&& (== net472) (>= dnxcore50)) (&& (== net472) (< net35)) (== netcoreapp2.2) (== netstandard2.0)
      Microsoft.NETCore.Platforms (>= 1.1) - restriction: || (&& (== net472) (>= dnxcore50)) (&& (== net472) (< net45)) (== netcoreapp2.2) (== netstandard2.0)
      Microsoft.NETCore.Targets (>= 1.1) - restriction: || (&& (== net472) (>= dnxcore50)) (&& (== net472) (< net45)) (== netcoreapp2.2) (== netstandard2.0)
      System.Runtime (>= 4.3) - restriction: || (&& (== net472) (>= dnxcore50)) (&& (== net472) (< net45)) (== netcoreapp2.2) (== netstandard2.0)
